GEM
  remote: https://rubygems.org/
  specs:
    codeclimate-test-reporter (0.5.0)
      simplecov (>= 0.7.1, < 1.0.0)
    docile (1.1.5)
    json (1.8.3)
    minitest (5.8.4)
    simplecov (0.11.2)
      docile (~> 1.1.0)
      json (~> 1.8)
      simplecov-html (~> 0.10.0)
    simplecov-html (0.10.0)

PLATFORMS
  x64-mingw32

DEPENDENCIES
  codeclimate-test-reporter
  minitest

BUNDLED WITH
   1.11.2
